GEM
  remote: http://rubygems.org/
  specs:
    ffi (1.3.1)
    nice-ffi (0.4)
      ffi (>= 0.5.0)
    nokogiri (1.5.6)
    rake (0.9.2.2)
    ruby-sdl-ffi (0.4)
      nice-ffi (>= 0.2)
    rubygame (2.6.4)
      rake (>= 0.7.0)
      ruby-sdl-ffi (>= 0.1.0)

PLATFORMS
  ruby

DEPENDENCIES
  nokogiri
  rubygame
